GEM
  remote: https://rubygems.org/
  specs:
    byebug (11.1.3)
    crass (1.0.6)
    erubi (1.10.0)
    flipper (0.23.1)
    flipper-ui (0.23.1)
      erubi (>= 1.0.0, < 2.0.0)
      flipper (~> 0.23.1)
      rack (>= 1.4, < 3)
      rack-protection (>= 1.5.3, < 2.2.0)
      sanitize (< 7)
    mustermann (1.1.1)
      ruby2_keywords (~> 0.0.1)
    nio4r (2.5.8)
    nokogiri (1.13.1-x86_64-darwin)
      racc (~> 1.4)
    puma (5.5.2)
      nio4r (~> 2.0)
    racc (1.6.0)
    rack (2.2.3)
    rack-protection (2.1.0)
      rack
    ruby2_keywords (0.0.5)
    sanitize (6.0.0)
      crass (~> 1.0.2)
      nokogiri (>= 1.12.0)
    sinatra (2.1.0)
      mustermann (~> 1.0)
      rack (~> 2.2)
      rack-protection (= 2.1.0)
      tilt (~> 2.0)
    tilt (2.0.10)

PLATFORMS
  x86_64-darwin-19

DEPENDENCIES
  byebug
  flipper-ui
  puma
  rack
  sinatra

BUNDLED WITH
   2.3.3
